GEM
  remote: https://rubygems.org/
  specs:
    sqlite3 (1.6.2-x64-mingw32)

PLATFORMS
  x64-mingw32

DEPENDENCIES
  sqlite3

BUNDLED WITH
   2.2.21
